GEM
  remote: https://rubygems.org/
  specs:
    hoe (3.17.1)
      rake (>= 0.8, < 13.0)
    minitest (5.8.2)
    power_assert (0.2.4)
    rake (10.5.0)
    ruby-ole (1.2.12.1)
    test-unit (3.1.5)
      power_assert

PLATFORMS
  ruby

DEPENDENCIES
  hoe (>= 3.4)
  minitest
  ruby-ole
  test-unit

BUNDLED WITH
   1.17.2
